GIT
  remote: git://github.com/cassiuschen/classifier-reborn.git
  revision: 9bb76e779fbf472666d9ec0fbf80bc1b17938081
  specs:
    classifier-reborn (2.0.4)
      fast-stemmer (~> 1.0)
      rmmseg-cpp (= 0.2.9)

GEM
  remote: https://gems.ruby-china.org/
  specs:
    fast-stemmer (1.0.2)
    mini_portile2 (2.1.0)
    nokogiri (1.6.8)
      mini_portile2 (~> 2.1.0)
      pkg-config (~> 1.1.7)
    pkg-config (1.1.7)
    rmmseg-cpp (0.2.9)

PLATFORMS
  ruby

DEPENDENCIES
  classifier-reborn!
  nokogiri

BUNDLED WITH
   1.10.5
